GEM
  remote: https://rubygems.org/
  specs:
    coderay (1.1.1)
    haml (5.0.1)
      temple (>= 0.8.0)
      tilt
    method_source (0.8.2)
    mustermann (1.0.0)
    pg (0.20.0)
    pg (0.20.0-x86-mingw32)
    pry (0.10.4)
      coderay (~> 1.1.0)
      method_source (~> 0.8.1)
      slop (~> 3.4)
    rack (2.0.3)
    rack-protection (2.0.0)
      rack
    shotgun (0.9.2)
      rack (>= 1.0)
    sinatra (2.0.0)
      mustermann (~> 1.0)
      rack (~> 2.0)
      rack-protection (= 2.0.0)
      tilt (~> 2.0)
    slop (3.6.0)
    temple (0.8.0)
    tilt (2.0.7)

PLATFORMS
  ruby
  x86-mingw32

DEPENDENCIES
  haml
  pg
  pry
  rack
  shotgun
  sinatra

BUNDLED WITH
   1.15.3
